GEM
  remote: https://rubygems.org/
  specs:
    rack (1.6.1)
    rulers (0.0.1)
      rack

PLATFORMS
  ruby

DEPENDENCIES
  rulers
